PATH
  remote: .
  specs:
    eventual (0.5.9)
      treetop

GEM
  remote: http://rubygems.org/
  specs:
    diff-lcs (1.1.2)
    polyglot (0.3.1)
    rspec (2.5.0)
      rspec-core (~> 2.5.0)
      rspec-expectations (~> 2.5.0)
      rspec-mocks (~> 2.5.0)
    rspec-core (2.5.1)
    rspec-expectations (2.5.0)
      diff-lcs (~> 1.1.2)
    rspec-mocks (2.5.0)
    treetop (1.4.9)
      polyglot (>= 0.3.1)

PLATFORMS
  ruby

DEPENDENCIES
  eventual!
  rspec
  treetop
